PATH
  remote: .
  specs:
    powerpoint (1.8)
      fastimage (~> 1)
      rubyzip (~> 2)

GEM
  remote: https://rubygems.org/
  specs:
    addressable (2.3.8)
    coderay (1.1.3)
    diff-lcs (1.5.0)
    fastimage (1.9.0)
      addressable (~> 2.3.5)
    method_source (1.0.0)
    pry (0.14.1)
      coderay (~> 1.1)
      method_source (~> 1.0)
    rake (10.5.0)
    rspec (2.13.0)
      rspec-core (~> 2.13.0)
      rspec-expectations (~> 2.13.0)
      rspec-mocks (~> 2.13.0)
    rspec-core (2.13.1)
    rspec-expectations (2.13.0)
      diff-lcs (>= 1.1.3, < 2.0)
    rspec-mocks (2.13.1)
    rubyzip (2.3.2)

PLATFORMS
  ruby

DEPENDENCIES
  bundler (~> 1.3)
  powerpoint!
  pry
  rake (< 11.0)
  rspec (~> 2.13.0)

BUNDLED WITH
   1.17.2
